PATH
  remote: ~/projects/api_guides
  specs:
    api_guides (0.0.1)
      activesupport (~> 3.0)
      i18n
      mustache
      nokogiri
      redcarpet (~> 2.0)

GEM
  remote: http://rubygems.org/
  specs:
    activesupport (3.1.3)
      multi_json (~> 1.0)
    i18n (0.6.0)
    multi_json (1.0.4)
    mustache (0.99.4)
    nokogiri (1.5.0)
    rake (0.9.2.2)
    redcarpet (2.0.0)

PLATFORMS
  ruby

DEPENDENCIES
  api_guides!
  rake
