GEM
  remote: http://rubygems.org/
  specs:
    activesupport (3.2.3)
      i18n (~> 0.6)
      multi_json (~> 1.0)
    addressable (2.2.7)
    api_guides (0.1.1)
      activesupport (~> 3.0)
      i18n
      mustache
      nokogiri
      redcarpet (~> 2.0)
    daemons (1.1.8)
    eventmachine (0.12.10)
    heroku (2.21.2)
      launchy (>= 0.3.2)
      rest-client (~> 1.6.1)
      rubyzip
      term-ansicolor (~> 1.0.5)
    i18n (0.6.0)
    launchy (2.0.5)
      addressable (~> 2.2.6)
    mime-types (1.17.2)
    multi_json (1.2.0)
    mustache (0.99.4)
    nokogiri (1.5.2)
    rack (1.4.1)
    rack-rewrite (1.2.1)
    rake (0.9.2.2)
    redcarpet (2.1.1)
    rest-client (1.6.7)
      mime-types (>= 1.16)
    rubyzip (0.9.6.1)
    term-ansicolor (1.0.7)
    thin (1.3.1)
      daemons (>= 1.0.9)
      eventmachine (>= 0.12.6)
      rack (>= 1.0.0)

PLATFORMS
  ruby

DEPENDENCIES
  api_guides
  heroku
  rack-rewrite
  rake
  thin
